GEM
  remote: https://rubygems.org/
  specs:
    nio4r (2.5.8)
    puma (6.0.1)
      nio4r (~> 2.0)
    rack (3.0.3)

PLATFORMS
  x64-mingw-ucrt

DEPENDENCIES
  puma (~> 6.0)
  rack (~> 3.0)

BUNDLED WITH
   2.3.7
